GEM
  remote: https://rubygems.org/
  specs:
    arena (0.1.0)
      httparty
      json
    diff-lcs (1.3)
    httparty (0.15.6)
      multi_xml (>= 0.5.2)
    json (2.1.0)
    multi_xml (0.6.0)
    rake (12.1.0)
    rspec (3.6.0)
      rspec-core (~> 3.6.0)
      rspec-expectations (~> 3.6.0)
      rspec-mocks (~> 3.6.0)
    rspec-core (3.6.0)
      rspec-support (~> 3.6.0)
    rspec-expectations (3.6.0)
      diff-lcs (>= 1.2.0, < 2.0)
      rspec-support (~> 3.6.0)
    rspec-mocks (3.6.0)
      diff-lcs (>= 1.2.0, < 2.0)
      rspec-support (~> 3.6.0)
    rspec-support (3.6.0)
    slack-notifier (2.3.1)

PLATFORMS
  ruby

DEPENDENCIES
  arena
  rake
  rspec
  slack-notifier

BUNDLED WITH
   1.15.4
