GEM
  remote: https://rubygems.org/
  specs:
    arena (0.1.0)
      httparty
      json
    httparty (0.15.6)
      multi_xml (>= 0.5.2)
    json (2.1.0)
    multi_xml (0.6.0)
    rake (12.1.0)
    slack-notifier (2.3.1)

PLATFORMS
  ruby

DEPENDENCIES
  arena
  rake
  slack-notifier

BUNDLED WITH
   1.15.4
