GEM
  remote: https://rubygems.org/
  specs:
    arena (0.1.0)
      httparty
      json
    httparty (0.15.5)
      multi_xml (>= 0.5.2)
    json (2.1.0)
    multi_xml (0.6.0)
    slack-notifier (2.1.0)

PLATFORMS
  ruby

DEPENDENCIES
  arena
  slack-notifier

BUNDLED WITH
   1.14.3
